GEM
  remote: http://rubygems.org/
  specs:
    Ascii85 (1.0.1)
    activemodel (3.0.9)
      activesupport (= 3.0.9)
      builder (~> 2.1.2)
      i18n (~> 0.5.0)
    activeresource (3.0.9)
      activemodel (= 3.0.9)
      activesupport (= 3.0.9)
    activesupport (3.0.9)
    builder (2.1.2)
    diff-lcs (1.1.3)
    echoe (4.5.6)
      allison
      gemcutter
      rubyforge
    gemcutter (0.7.0)
    i18n (0.5.0)
    json_pure (1.5.4)
      spruz (~> 0.2.8)
    pdf-reader (0.10.0)
    pdf-reader (1.0.0)
      Ascii85 (~> 1.0.0)
    prawn (0.12.0)
      pdf-reader (>= 0.9.0)
      ttfunk (~> 1.0.2)
    rainbow (1.1.1)
    rake (0.9.2)
    rspec (2.6.0)
      rspec-core (~> 2.6.0)
      rspec-expectations (~> 2.6.0)
      rspec-mocks (~> 2.6.0)
    rspec-core (2.6.4)
    rspec-expectations (2.6.0)
      diff-lcs (~> 1.1.2)
    rspec-mocks (2.6.0)
    rspec-mocks (2.8.0)
    ruby-rc4 (0.1.3)
    rubyforge (2.0.4)
      json_pure (>= 1.1.7)
    spruz (0.2.13)
    thor (0.14.6)
    ttfunk (1.0.2)

PLATFORMS
  ruby

DEPENDENCIES
  activeresource (= 3.0.9)
  prawn
  rainbow
  rake
  rspec
  thor
